PATH
  remote: vendor/faux
  specs:
    faux (0.1.0)
      activesupport
      nokogiri
      rack
      rack-mount

GEM
  remote: https://rubygems.org/
  specs:
    actionpack (6.1.7.7)
      actionview (= 6.1.7.7)
      activesupport (= 6.1.7.7)
      rack (~> 2.0, >= 2.0.9)
      rack-test (>= 0.6.3)
      rails-dom-testing (~> 2.0)
      rails-html-sanitizer (~> 1.0, >= 1.2.0)
    actionview (6.1.7.7)
      activesupport (= 6.1.7.7)
      builder (~> 3.1)
      erubi (~> 1.4)
      rails-dom-testing (~> 2.0)
      rails-html-sanitizer (~> 1.1, >= 1.2.0)
    activemodel (6.1.7.7)
      activesupport (= 6.1.7.7)
    activerecord (6.1.7.7)
      activemodel (= 6.1.7.7)
      activesupport (= 6.1.7.7)
    activesupport (6.1.7.7)
      concurrent-ruby (~> 1.0, >= 1.0.2)
      i18n (>= 1.6, < 2)
      minitest (>= 5.1)
      tzinfo (~> 2.0)
      zeitwerk (~> 2.3)
    addressable (2.8.6)
      public_suffix (>= 2.0.2, < 6.0)
    ast (2.4.2)
    base64 (0.2.0)
    bigdecimal (3.1.7-java)
    bson (4.2.2-java)
    builder (3.2.4)
    choice (0.2.0)
    climate_control (1.2.0)
    coderay (1.1.3)
    concurrent-ruby (1.1.10)
    crack (1.0.0)
      bigdecimal
      rexml
    crass (1.0.6)
    deep_merge (1.2.2)
    diff-lcs (1.5.1)
    docile (1.4.0)
    ejson (1.4.1)
    elastic-transport (8.3.2)
      faraday (< 3)
      multi_json
    elasticsearch (8.13.0)
      elastic-transport (~> 8.3)
      elasticsearch-api (= 8.13.0)
    elasticsearch-api (8.13.0)
      multi_json
    erubi (1.12.0)
    execjs (2.9.1)
    factory_bot (6.2.1)
      activesupport (>= 5.0.0)
    faraday (2.8.1)
      base64
      faraday-net_http (>= 2.0, < 3.1)
      ruby2_keywords (>= 0.0.4)
    faraday-net_http (3.0.2)
    ffaker (2.21.0)
    ffi (1.16.3-java)
    hansi (0.2.1)
    hash-deep-merge (0.1.1)
    hashdiff (1.1.0)
    i18n (1.14.4)
      concurrent-ruby (~> 1.0)
    ipaddr (1.2.6)
    json (2.3.1-java)
    json-schema (4.2.0)
      addressable (>= 2.8)
    listen (1.3.1)
      rb-fsevent (>= 0.9.3)
      rb-inotify (>= 0.9)
      rb-kqueue (>= 0.2)
    loofah (2.22.0)
      crass (~> 1.0.2)
      nokogiri (>= 1.12.0)
    mail (2.7.1)
      mini_mime (>= 0.1.1)
    method_source (1.0.0)
    mini_mime (1.1.5)
    minitest (5.22.3)
    multi_json (1.15.0)
    mustermann (1.1.2)
      ruby2_keywords (~> 0.0.1)
    mustermann-contrib (1.1.2)
      hansi (~> 0.2.0)
      mustermann (= 1.1.2)
    nokogiri (1.13.10-java)
      racc (~> 1.4)
    oas_parser (0.25.4)
      activesupport (>= 4.0.0)
      addressable (~> 2.3)
      builder (~> 3.2.3)
      deep_merge (~> 1.2.1)
      hash-deep-merge
      mustermann-contrib (~> 1.1.1)
      nokogiri
    parallel (1.24.0)
    parser (3.3.0.5)
      ast (~> 2.4.1)
      racc
    pastel (0.8.0)
      tty-color (~> 0.5)
    power_assert (2.0.3)
    pry (0.14.2-java)
      coderay (~> 1.1)
      method_source (~> 1.0)
      spoon (~> 0.0)
    pry-nav (1.0.0)
      pry (>= 0.9.10, < 0.15)
    pry-remote (0.1.8)
      pry (~> 0.9)
      slop (~> 3.0)
    public_suffix (5.0.4)
    racc (1.7.3-java)
    rack (2.2.9)
    rack-cors (1.0.6)
      rack (>= 1.6.0)
    rack-mount (0.8.3)
      rack (>= 1.0.0)
    rack-test (2.1.0)
      rack (>= 1.3)
    rails-dom-testing (2.2.0)
      activesupport (>= 5.0.0)
      minitest
      nokogiri (>= 1.6)
    rails-erd (1.7.2)
      activerecord (>= 4.2)
      activesupport (>= 4.2)
      choice (~> 0.2.0)
      ruby-graphviz (~> 1.2)
    rails-html-sanitizer (1.5.0)
      loofah (~> 2.19, >= 2.19.1)
    railties (6.1.7.7)
      actionpack (= 6.1.7.7)
      activesupport (= 6.1.7.7)
      method_source
      rake (>= 12.2)
      thor (~> 1.0)
    rainbow (3.1.1)
    rake (12.3.3)
    rb-fsevent (0.11.2)
    rb-inotify (0.10.1)
      ffi (~> 1.0)
    rb-kqueue (0.2.8)
      ffi (>= 0.5.0)
    regexp_parser (2.9.0)
    rexml (3.2.6)
    rspec (3.13.0)
      rspec-core (~> 3.13.0)
      rspec-expectations (~> 3.13.0)
      rspec-mocks (~> 3.13.0)
    rspec-core (3.13.0)
      rspec-support (~> 3.13.0)
    rspec-expectations (3.13.0)
      diff-lcs (>= 1.2.0, < 2.0)
      rspec-support (~> 3.13.0)
    rspec-mocks (3.13.0)
      diff-lcs (>= 1.2.0, < 2.0)
      rspec-support (~> 3.13.0)
    rspec-support (3.13.1)
    rubocop (1.18.4)
      parallel (~> 1.10)
      parser (>= 3.0.0.0)
      rainbow (>= 2.2.2, < 4.0)
      regexp_parser (>= 1.8, < 3.0)
      rexml
      rubocop-ast (>= 1.8.0, < 2.0)
      ruby-progressbar (~> 1.7)
      unicode-display_width (>= 1.4.0, < 3.0)
    rubocop-ast (1.30.0)
      parser (>= 3.2.1.0)
    rubocop-performance (1.11.5)
      rubocop (>= 1.7.0, < 2.0)
      rubocop-ast (>= 0.4.0)
    rubocop-rails (2.11.3)
      activesupport (>= 4.2.0)
      rack (>= 1.1)
      rubocop (>= 1.7.0, < 2.0)
    ruby-debug-base (0.11.0-java)
    ruby-debug-ide (0.7.3)
      rake (>= 0.8.1)
    ruby-graphviz (1.2.5)
      rexml
    ruby-maven (3.3.13)
      ruby-maven-libs (~> 3.3.9)
    ruby-maven-libs (3.3.9)
    ruby-progressbar (1.13.0)
    ruby2_keywords (0.0.5)
    simplecov (0.22.0)
      docile (~> 1.1)
      simplecov-html (~> 0.11)
      simplecov_json_formatter (~> 0.1)
    simplecov-html (0.12.3)
    simplecov-material (1.0.0)
      simplecov (>= 0.16.0)
    simplecov_json_formatter (0.1.4)
    slop (3.6.0)
    spoon (0.0.6)
      ffi
    test-unit (3.3.6)
      power_assert
    thor (1.3.1)
    thread_safe (0.3.6-java)
    timecop (0.9.8)
    tty-color (0.6.0)
    tty-cursor (0.7.1)
    tty-prompt (0.23.1)
      pastel (~> 0.8)
      tty-reader (~> 0.8)
    tty-reader (0.9.0)
      tty-cursor (~> 0.7)
      tty-screen (~> 0.8)
      wisper (~> 2.0)
    tty-screen (0.8.2)
    tzinfo (2.0.6)
      concurrent-ruby (~> 1.0)
    tzinfo-data (1.2024.1)
      tzinfo (>= 1.0.0)
    unicode-display_width (2.5.0)
    vcr (6.1.0)
    webmock (3.23.0)
      addressable (>= 2.8.0)
      crack (>= 0.3.2)
      hashdiff (>= 0.4.0, < 2.0.0)
    wisper (2.0.1)
    zeitwerk (2.6.13)

PLATFORMS
  universal-java-11
  universal-java-17

DEPENDENCIES
  addressable (>= 2.8.0)
  bson (~> 4.2.2)
  bundler (~> 2.2.29)
  climate_control
  concurrent-ruby (~> 1.1.4)
  ejson
  elasticsearch (~> 8.13.0)
  execjs
  factory_bot (~> 6.2.0)
  faux!
  ffaker
  ipaddr (~> 1.2.4)
  json (~> 2.3.1)
  json-schema
  listen (~> 1.0)
  mail (= 2.7.1)
  nokogiri (= 1.13.10)
  oas_parser
  pry
  pry-nav
  pry-remote
  rack-cors (~> 1.0.4)
  rails-erd
  rake (~> 12.3.2)
  rb-fsevent
  rb-inotify
  rspec (~> 3.13.0)
  rubocop (= 1.18.4)
  rubocop-performance (= 1.11.5)
  rubocop-rails (= 2.11.3)
  ruby-debug-base (= 0.11.0)
  ruby-debug-ide
  ruby-maven
  simplecov
  simplecov-material
  test-unit (= 3.3.6)
  thread_safe (= 0.3.6)
  timecop
  tty-prompt
  tzinfo-data
  vcr (~> 6.1.0)
  webmock

BUNDLED WITH
   2.2.34
